GEM
  remote: https://rubygems.org/
  specs:
    addressable (2.3.8)
    cmdparse (2.0.2)
    diff-lcs (1.2.5)
    kramdown (1.10.0)
    launchy (2.4.3)
      addressable (~> 2.3)
    maruku (0.7.2)
    rake (10.4.2)
    rspec (3.0.0)
      rspec-core (~> 3.0.0)
      rspec-expectations (~> 3.0.0)
      rspec-mocks (~> 3.0.0)
    rspec-core (3.0.4)
      rspec-support (~> 3.0.0)
    rspec-expectations (3.0.4)
      diff-lcs (>= 1.2.0, < 2.0)
      rspec-support (~> 3.0.0)
    rspec-mocks (3.0.4)
      rspec-support (~> 3.0.0)
    rspec-support (3.0.4)
    webgen (0.5.17)
      cmdparse (>= 2.0.2)
      kramdown (>= 0.12.0)

PLATFORMS
  ruby

DEPENDENCIES
  addressable (= 2.3.8)
  cmdparse (= 2.0.2)
  launchy (= 2.4.3)
  maruku (= 0.7.2)
  rake (= 10.4.2)
  rspec (= 3.0)
  webgen (= 0.5.17)

RUBY VERSION
   ruby 1.8.7p376

BUNDLED WITH
   1.15.1
